PATH
  remote: .
  specs:
    life-api (0.1.3)
      xml-simple (~> 1.1.2)

GEM
  remote: https://rubygems.org/
  specs:
    xml-simple (1.1.5)

PLATFORMS
  ruby

DEPENDENCIES
  life-api!
  xml-simple
